GEM
  remote: https://rubygems.org/
  specs:
    activesupport (6.1.3.2)
      concurrent-ruby (~> 1.0, >= 1.0.2)
      i18n (>= 1.6, < 2)
      minitest (>= 5.1)
      tzinfo (~> 2.0)
      zeitwerk (~> 2.3)
    atk (3.4.9)
      glib2 (= 3.4.9)
    cairo (1.17.5)
      native-package-installer (>= 1.0.3)
      pkg-config (>= 1.2.2)
      red-colors
    cairo-gobject (3.4.9)
      cairo (>= 1.16.2)
      glib2 (= 3.4.9)
    concurrent-ruby (1.1.8)
    diff-lcs (1.4.4)
    gdk3 (3.4.9)
      cairo-gobject (= 3.4.9)
      gdk_pixbuf2 (= 3.4.9)
      pango (= 3.4.9)
    gdk_pixbuf2 (3.4.9)
      gio2 (= 3.4.9)
    gio2 (3.4.9)
      gobject-introspection (= 3.4.9)
    glib2 (3.4.9)
      native-package-installer (>= 1.0.3)
      pkg-config (>= 1.3.5)
    gobject-introspection (3.4.9)
      glib2 (= 3.4.9)
    gtk3 (3.4.9)
      atk (= 3.4.9)
      gdk3 (= 3.4.9)
      gdk_pixbuf2 (= 3.4.9)
      gio2 (= 3.4.9)
      pango (= 3.4.9)
    i18n (1.8.10)
      concurrent-ruby (~> 1.0)
    matrix (0.4.2)
    minitest (5.14.4)
    native-package-installer (1.1.1)
    pango (3.4.9)
      cairo-gobject (= 3.4.9)
      gobject-introspection (= 3.4.9)
    pkg-config (1.4.6)
    rake (13.0.3)
    red-colors (0.3.0)
      matrix
    rspec (3.10.0)
      rspec-core (~> 3.10.0)
      rspec-expectations (~> 3.10.0)
      rspec-mocks (~> 3.10.0)
    rspec-core (3.10.1)
      rspec-support (~> 3.10.0)
    rspec-expectations (3.10.1)
      diff-lcs (>= 1.2.0, < 2.0)
      rspec-support (~> 3.10.0)
    rspec-mocks (3.10.2)
      diff-lcs (>= 1.2.0, < 2.0)
      rspec-support (~> 3.10.0)
    rspec-support (3.10.2)
    tzinfo (2.0.4)
      concurrent-ruby (~> 1.0)
    zeitwerk (2.4.2)

PLATFORMS
  x86_64-linux

DEPENDENCIES
  activesupport
  gtk3 (~> 3.4.9)
  rake
  rspec

BUNDLED WITH
   2.2.11
